GIT
  remote: https://github.com/dnoneill/annotate-theme
  revision: 07db98202edcde598feeb7cdfd7fdc06f2472c55
  specs:
    annotate-theme (0.1.0)
      jekyll (~> 3.8)
      jekyll-seo-tag (~> 2.1)
      rake (~> 12.0)

GIT
  remote: https://github.com/dnoneill/wax_tasks
  revision: 346a2264636598e73c029b35b9ff05af682d38be
  specs:
    wax_tasks (1.0.3)
      progress_bar (~> 1.3)
      rainbow (~> 3.0)
      rake (~> 12.3)
      safe_yaml (~> 1.0)
      wax_iiif (>= 0.1.2, < 0.3)

GEM
  remote: https://rubygems.org/
  specs:
    addressable (2.7.0)
      public_suffix (>= 2.0.2, < 5.0)
    colorator (1.1.0)
    concurrent-ruby (1.1.5)
    em-websocket (0.5.1)
      eventmachine (>= 0.12.9)
      http_parser.rb (~> 0.6.0)
    eventmachine (1.2.7)
    ffi (1.12.1)
    forwardable-extended (2.6.0)
    highline (2.0.3)
    http_parser.rb (0.6.0)
    i18n (0.9.5)
      concurrent-ruby (~> 1.0)
    jekyll (3.8.6)
      addressable (~> 2.4)
      colorator (~> 1.0)
      em-websocket (~> 0.5)
      i18n (~> 0.7)
      jekyll-sass-converter (~> 1.0)
      jekyll-watch (~> 2.0)
      kramdown (~> 1.14)
      liquid (~> 4.0)
      mercenary (~> 0.3.3)
      pathutil (~> 0.9)
      rouge (>= 1.7, < 4)
      safe_yaml (~> 1.0)
    jekyll-sass-converter (1.5.2)
      sass (~> 3.4)
    jekyll-seo-tag (2.6.1)
      jekyll (>= 3.3, < 5.0)
    jekyll-watch (2.2.1)
      listen (~> 3.0)
    kramdown (1.17.0)
    liquid (4.0.3)
    listen (3.2.1)
      rb-fsevent (~> 0.10, >= 0.10.3)
      rb-inotify (~> 0.9, >= 0.9.10)
    mercenary (0.3.6)
    mini_magick (4.10.1)
    options (2.3.2)
    parallel (1.19.1)
    pathutil (0.16.2)
      forwardable-extended (~> 2.6)
    progress_bar (1.3.1)
      highline (>= 1.6, < 3)
      options (~> 2.3.0)
    public_suffix (4.0.3)
    rainbow (3.0.0)
    rake (12.3.3)
    rb-fsevent (0.10.3)
    rb-inotify (0.10.1)
      ffi (~> 1.0)
    rouge (3.15.0)
    safe_yaml (1.0.5)
    sass (3.7.4)
      sass-listen (~> 4.0.0)
    sass-listen (4.0.0)
      rb-fsevent (~> 0.9, >= 0.9.4)
      rb-inotify (~> 0.9, >= 0.9.7)
    wax_iiif (0.2.0)
      mini_magick (~> 4.9)
      parallel (~> 1.17)
      progress_bar (~> 1.3)
      rainbow (~> 3.0)

PLATFORMS
  ruby

DEPENDENCIES
  annotate-theme!
  wax_tasks!

BUNDLED WITH
   2.0.2
